PATH
  remote: .
  specs:
    exercism-analysis (0.1.0)
      codeminer (~> 0.1)
      roodi (~> 4.0)

GEM
  remote: https://rubygems.org/
  specs:
    codeminer (0.1.1)
    rake (10.1.0)
    roodi (4.0.0)
      ruby_parser (~> 3.2, >= 3.2.2)
    ruby_parser (3.6.1)
      sexp_processor (~> 4.1)
    sexp_processor (4.4.3)
    test-unit (2.5.5)

PLATFORMS
  ruby

DEPENDENCIES
  exercism-analysis!
  rake (= 10.1.0)
  test-unit (= 2.5.5)
