GIT
  remote: git://github.com/JacobNinja/codeminer.git
  revision: 7cca72be6a08f9d68be2269a015cbb13189a42e5
  specs:
    codeminer (0.1.0)

PATH
  remote: .
  specs:
    exercism-analysis (0.1.0)
      roodi (~> 4.0)

GEM
  remote: https://rubygems.org/
  specs:
    roodi (4.0.0)
      ruby_parser (~> 3.2, >= 3.2.2)
    ruby_parser (3.6.1)
      sexp_processor (~> 4.1)
    sexp_processor (4.4.3)
    test-unit (2.5.5)

PLATFORMS
  ruby

DEPENDENCIES
  codeminer!
  exercism-analysis!
  test-unit (= 2.5.5)
